GEM
  remote: https://rubygems.org/
  specs:
    concurrent-ruby (1.0.1)
    funkify (0.0.4)
    hamster (3.0.0)
      concurrent-ruby (~> 1.0)
    hamsterdam (1.0.11)
      hamster
    piece_pipe (0.2.1)

PLATFORMS
  ruby

DEPENDENCIES
  funkify
  hamster
  hamsterdam
  piece_pipe

BUNDLED WITH
   1.10.3
