GEM
  remote: https://rubygems.org/
  specs:
    activesupport (7.0.4.1)
      concurrent-ruby (~> 1.0, >= 1.0.2)
      i18n (>= 1.6, < 2)
      minitest (>= 5.1)
      tzinfo (~> 2.0)
    coderay (1.1.1)
    concurrent-ruby (1.1.10)
    diff-lcs (1.2.5)
    factory_girl (4.7.0)
      activesupport (>= 3.0.0)
    funkify (0.0.4)
    hamster (0.4.3)
    hamsterdam (1.0.11)
      hamster
    i18n (1.12.0)
      concurrent-ruby (~> 1.0)
    metaclass (0.0.4)
    method_source (0.8.2)
    minitest (5.17.0)
    mocha (1.1.0)
      metaclass (~> 0.0.1)
    monadt (0.1.2)
    piece_pipe (0.2.1)
    pry (0.10.3)
      coderay (~> 1.1.0)
      method_source (~> 0.8.1)
      slop (~> 3.4)
    rspec (3.4.0)
      rspec-core (~> 3.4.0)
      rspec-expectations (~> 3.4.0)
      rspec-mocks (~> 3.4.0)
    rspec-core (3.4.4)
      rspec-support (~> 3.4.0)
    rspec-expectations (3.4.0)
      diff-lcs (>= 1.2.0, < 2.0)
      rspec-support (~> 3.4.0)
    rspec-mocks (3.4.1)
      diff-lcs (>= 1.2.0, < 2.0)
      rspec-support (~> 3.4.0)
    rspec-support (3.4.1)
    slop (3.6.0)
    tzinfo (2.0.5)
      concurrent-ruby (~> 1.0)

PLATFORMS
  ruby

DEPENDENCIES
  factory_girl
  funkify
  hamster (= 0.4.3)
  hamsterdam
  mocha
  monadt
  piece_pipe
  pry
  rspec

BUNDLED WITH
   1.11.2
