GEM
  remote: https://rubygems.org/
  specs:
    diff-lcs (1.2.5)
    hamster (0.4.3)
    hamsterdam (1.0.11)
      hamster
    rspec (3.4.0)
      rspec-core (~> 3.4.0)
      rspec-expectations (~> 3.4.0)
      rspec-mocks (~> 3.4.0)
    rspec-core (3.4.4)
      rspec-support (~> 3.4.0)
    rspec-expectations (3.4.0)
      diff-lcs (>= 1.2.0, < 2.0)
      rspec-support (~> 3.4.0)
    rspec-mocks (3.4.1)
      diff-lcs (>= 1.2.0, < 2.0)
      rspec-support (~> 3.4.0)
    rspec-support (3.4.1)

PLATFORMS
  ruby

DEPENDENCIES
  hamster (= 0.4.3)
  hamsterdam
  rspec

BUNDLED WITH
   1.11.2
